GEM
  remote: https://rubygems.org/
  specs:
    rack (2.0.9.3)
    webrick (1.8.1)

PLATFORMS
  x86_64-linux

DEPENDENCIES
  rack (~> 2.0.1)
  webrick

RUBY VERSION
   ruby 3.1.0p0

BUNDLED WITH
   2.3.3
